GEM
  remote: http://rubygems.org/
  specs:
    addressable (2.2.7)
    awesome_print (0.3.2)
    builder (3.0.0)
    ci_reporter (1.7.0)
      builder (>= 2.1.2)
    daemons (1.1.8)
    diff-lcs (1.1.3)
    eventmachine (0.12.10)
    git (1.2.5)
    heroku (2.21.3)
      launchy (>= 0.3.2)
      netrc (~> 0.7.1)
      rest-client (~> 1.6.1)
      rubyzip
    jeweler (1.6.2)
      bundler (~> 1.0)
      git (>= 1.2.5)
      rake
    launchy (2.0.5)
      addressable (~> 2.2.6)
    mime-types (1.17.2)
    multi_json (1.1.0)
    netrc (0.7.1)
    newrelic_rpm (3.3.2.1)
    rack (1.4.1)
    rack-test (0.6.1)
      rack (>= 1.0)
    rake (0.9.2.2)
    rest-client (1.6.7)
      mime-types (>= 1.16)
    rmagick (2.13.1)
    rspec (2.8.0)
      rspec-core (~> 2.8.0)
      rspec-expectations (~> 2.8.0)
      rspec-mocks (~> 2.8.0)
    rspec-core (2.8.0)
    rspec-expectations (2.8.0)
      diff-lcs (~> 1.1.2)
    rspec-mocks (2.8.0)
    rubyzip (0.9.6.1)
    shotgun (0.9)
      rack (>= 1.0)
    simplecov (0.6.1)
      multi_json (~> 1.0)
      simplecov-html (~> 0.5.3)
    simplecov-html (0.5.3)
    simplecov-rcov (0.2.3)
      simplecov (>= 0.4.1)
    thin (1.3.1)
      daemons (>= 1.0.9)
      eventmachine (>= 0.12.6)
      rack (>= 1.0.0)

PLATFORMS
  ruby

DEPENDENCIES
  awesome_print
  ci_reporter
  heroku
  jeweler
  mime-types
  newrelic_rpm
  rack
  rack-test
  rake
  rest-client (~> 1.6.7)
  rmagick (~> 2.13)
  rspec
  shotgun
  simplecov
  simplecov-rcov
  thin
