GEM
  remote: http://rubygems.org/
  specs:
    addressable (2.2.7)
    awesome_print (0.3.2)
    diff-lcs (1.1.3)
    git (1.2.5)
    heroku (2.21.2)
      launchy (>= 0.3.2)
      rest-client (~> 1.6.1)
      rubyzip
      term-ansicolor (~> 1.0.5)
    jeweler (1.6.2)
      bundler (~> 1.0)
      git (>= 1.2.5)
      rake
    launchy (2.0.5)
      addressable (~> 2.2.6)
    mime-types (1.17.2)
    rack (1.2.2)
    rack-test (0.5.7)
      rack (>= 1.0)
    rake (0.9.2.2)
    rest-client (1.6.7)
      mime-types (>= 1.16)
    rspec (2.8.0)
      rspec-core (~> 2.8.0)
      rspec-expectations (~> 2.8.0)
      rspec-mocks (~> 2.8.0)
    rspec-core (2.8.0)
    rspec-expectations (2.8.0)
      diff-lcs (~> 1.1.2)
    rspec-mocks (2.8.0)
    rubyzip (0.9.6.1)
    shotgun (0.9)
      rack (>= 1.0)
    term-ansicolor (1.0.7)

PLATFORMS
  ruby

DEPENDENCIES
  awesome_print
  heroku
  jeweler
  mime-types
  rack
  rack-test
  rake
  rspec
  shotgun
